GEM
  remote: https://rubygems.org/
  specs:
    chunky_png (1.3.3)

PLATFORMS
  java
  x86-mingw32

DEPENDENCIES
  chunky_png
  oily_png
